GEM
  remote: https://rubygems.org/
  specs:
    awesome_print (1.8.0)
    childprocess (0.7.1)
      ffi (~> 1.0, >= 1.0.11)
    data_builder (0.2.0)
      data_reader
    data_reader (1.0.1)
    diff-lcs (1.3)
    ffi (1.9.18)
    power_assert (0.4.1)
    rspec (3.6.0)
      rspec-core (~> 3.6.0)
      rspec-expectations (~> 3.6.0)
      rspec-mocks (~> 3.6.0)
    rspec-core (3.6.0)
      rspec-support (~> 3.6.0)
    rspec-expectations (3.6.0)
      diff-lcs (>= 1.2.0, < 2.0)
      rspec-support (~> 3.6.0)
    rspec-mocks (3.6.0)
      diff-lcs (>= 1.2.0, < 2.0)
      rspec-support (~> 3.6.0)
    rspec-support (3.6.0)
    rubyzip (1.2.1)
    selenium-webdriver (3.5.1)
      childprocess (~> 0.5)
      rubyzip (~> 1.0)
    tapestry (0.3.0)
      watir (~> 6.0)
    test-unit (3.2.3)
      power_assert
    test_performance (1.0.0)
      watir (~> 6.0)
    watir (6.7.3)
      selenium-webdriver (~> 3.4, >= 3.4.1)

PLATFORMS
  ruby

DEPENDENCIES
  awesome_print
  data_builder
  rspec
  tapestry
  test-unit
  test_performance

BUNDLED WITH
   1.14.6
